{
  "aor": 0.0015992307692307692,
  "aqi": 0.006888215897435897,
  "bids_meta": {
    "AcquisitionMatrixPE": 64,
    "EchoTime": 0.04,
    "FlipAngle": 90,
    "Instructions": "Go: Press index finger for all shapes. Stop: If a red triangle is present, do not press anything. If no red triangle is present, press index finger.",
    "MagneticFieldStrength": 1.5,
    "Manufacturer": "GE",
    "ManufacturersModelName": "Signa",
    "NumberOfSlices": 32,
    "NumberOfVolumesDiscardedByUser": 6,
    "PercentPhaseFOV": 100,
    "PhaseEncodingAxis": "j",
    "PulseSequenceType": "single-shot EPI",
    "ReconMatrixPE": 64,
    "RepetitionTime": 3,
    "ScanningSequence": "EP_G",
    "SequenceVariant": "SS",
    "SliceThickness": 4,
    "SliceTiming": [
      0,
      1.5484,
      0.0968,
      1.6452,
      0.1935,
      1.7419,
      0.2903,
      1.8387,
      0.3871,
      1.9355,
      0.4839,
      2.0323,
      0.5806,
      2.129,
      0.6774,
      2.2258,
      0.7742,
      2.3226,
      0.871,
      2.4194,
      0.9677,
      2.5161,
      1.0645,
      2.6129,
      1.1613,
      2.7097,
      1.2581,
      2.8065,
      1.3548,
      2.9032,
      1.4516,
      3
    ],
    "SoftwareVersions": "11",
    "TaskDescription": "Participants were presented 12, 18-trial, blocks of a response inhibition task. Half of the blocks were designated as go blocks and half were no-go blocks. Block type alternated, beginning with a go block.  During go blocks, participants were instructed to respond as quickly as possible by pressing a button below their index finger for all shapes and during no-go (stop) blocks were instructed to inhibit response if a red triangle was present. At the beginning of each block the participant was reminded of the type of block with warning text reading ‘Go’ or ‘Stop’ that lasted 2300 ms followed by 300ms of blank screen. While intended block type alternated and began with a go-block, occasionally participants performed the task according to the instructions of the opposing block type, these were identified and recoded as the performed block type in the events.tsv files and noted in the comments for these blocks.  In all trials, participants were presented with a single shape that was either a target (red triangle) or a distractor (blue triangle or red trapezoid). All stimuli used in this dataset are provided in the stimuli director at the root level of the dataset. Trials were balanced to contain equal amounts of each distractor and target type. Trials were pseudo-randomized to ensure that the same shape was not presented in more than three consecutive trials. Each block contained 18 trials arranged into six three-trial sets. In each trial participants were presented with the stimulus for 1400ms followed by an inter-trial interval (ITI) of 450, 600 or 750ms. Participants could respond as soon as the stimulus appeared and until the end of the ITI. Each set of three trials contained one trial with an ITI of 450ms, one with an ITI of 600ms and one with an ITI of 750ms such that total duration of each set of three trials was 6000ms. This variable duration of ITI was implemented in order to limit participants ability to pace. Order of trial ITI within a triplet was randomly sampled. Stimuli were sampled such that an individual stimulus was presented with the same ITI across subjects but not necessarily in the same order.",
    "TaskName": "Conjunction Target, 1 shape, Response Inhibition",
    "acq_id": "a",
    "dataset": "ds003500",
    "modality": "bold",
    "subject_id": "237",
    "task_id": "Conj1Inh"
  },
  "dummy_trs": 0,
  "dvars_nstd": 17.18621924,
  "dvars_std": 1.1361586083870967,
  "dvars_vstd": 1.00210795483871,
  "efc": 0.4783214469715426,
  "fber": 8508.822265625,
  "fd_mean": 0.13784351705922437,
  "fd_num": 22,
  "fd_perc": 14.102564102564102,
  "fwhm_avg": 2.3435184090909087,
  "fwhm_x": 2.339944727272727,
  "fwhm_y": 2.6622079999999997,
  "fwhm_z": 2.0284025,
  "gcor": 0.0703777,
  "gsr_x": -0.008905616588890553,
  "gsr_y": 0.025941479951143265,
  "provenance": {
    "md5sum": "39a48df11fad23a327556bd56ddb1768",
    "settings": {
      "fd_thres": 0.2,
      "testing": false
    },
    "software": "mriqc",
    "version": "22.0.1",
    "webapi_port": null,
    "webapi_url": "https://mriqc.nimh.nih.gov/api/v1"
  },
  "size_t": 156,
  "size_x": 64,
  "size_y": 64,
  "size_z": 32,
  "snr": 8.881691828781612,
  "spacing_tr": 3.0,
  "spacing_x": 3.4375,
  "spacing_y": 3.4375,
  "spacing_z": 4.0,
  "summary_bg_k": 59.31388162087575,
  "summary_bg_mad": 11.01497424717532,
  "summary_bg_mean": 52.89697265625,
  "summary_bg_median": 16.75,
  "summary_bg_n": 81668.0,
  "summary_bg_p05": 2.769230842590332,
  "summary_bg_p95": 220.35833740234352,
  "summary_bg_stdv": 105.05365753173828,
  "summary_fg_k": 1.632625430139047,
  "summary_fg_mad": 166.1654669537869,
  "summary_fg_mean": 1507.77197265625,
  "summary_fg_median": 1526.5128173828125,
  "summary_fg_n": 21525.0,
  "summary_fg_p05": 1202.8948486328125,
  "summary_fg_p95": 1751.1499755859375,
  "summary_fg_stdv": 171.86785888671875,
  "tsnr": 83.39205216988921
}