{
  "aor": 0.0013580128205128207,
  "aqi": 0.007215981410256409,
  "bids_meta": {
    "AcquisitionMatrixPE": 64,
    "EchoTime": 0.04,
    "FlipAngle": 90,
    "Instructions": "Press index finger if there is a yellow shape. Press middle finger if there are no yellow shapes.",
    "MagneticFieldStrength": 1.5,
    "Manufacturer": "GE",
    "ManufacturersModelName": "Signa",
    "NumberOfSlices": 32,
    "NumberOfVolumesDiscardedByUser": 6,
    "PercentPhaseFOV": 100,
    "PhaseEncodingAxis": "j",
    "PulseSequenceType": "single-shot EPI",
    "ReconMatrixPE": 64,
    "RepetitionTime": 3,
    "ScanningSequence": "EP_G",
    "SequenceVariant": "SS",
    "SliceThickness": 4,
    "SliceTiming": [
      0,
      1.5484,
      0.0968,
      1.6452,
      0.1935,
      1.7419,
      0.2903,
      1.8387,
      0.3871,
      1.9355,
      0.4839,
      2.0323,
      0.5806,
      2.129,
      0.6774,
      2.2258,
      0.7742,
      2.3226,
      0.871,
      2.4194,
      0.9677,
      2.5161,
      1.0645,
      2.6129,
      1.1613,
      2.7097,
      1.2581,
      2.8065,
      1.3548,
      2.9032,
      1.4516,
      3
    ],
    "SoftwareVersions": "11",
    "TaskDescription": "Participants were presented 12, 18-trial, blocks of a feature selection task. In half of the blocks, trials consisted of the presentation of a single shape and in the other half of the blocks, trials consisted of the presentation of a 3x3 array of shapes. Block type alternated, beginning with a single shape block. Participants were instructed to respond as quickly as possible by pressing a button below their index finger if a yellow shape was present and pressing a button below their middle finger if no yellow shapes were present, regardless of the number of shapes on the screen. At the beginning of each block the participant was reminded of the type of block with warning text reading ‘One’ or ‘Many’ that lasted 2300 ms followed by 300ms of blank screen. In single shape blocks, participants were presented with a single shape that was either a target (yellow trapezoid or yellow triangle) or a distractor (blue triangle or red trapezoid). Trials were balanced to contain equal amounts of each distractor and target type. Trials were pseudo-randomized to ensure that the same shape was not presented in more than three consecutive trials. In array blocks, stimuli consisted of 3x3 matrices of shapes that contained 8 distractor stimuli and one additional shape that was either a target or a distractor. Trials were counterbalanced to include an equal number of targets in each of the nine positions across stimuli. Distractors were positioned in each stimulus such that there were no more than three of the same distractor adjacent on a side. All stimuli used in this dataset are provided in the stimuli director at the root level of the dataset. For array stimuli, distractors/target stimuli were presented such that they filled in the hole of the array of 8 distractors. Each block contained 18 trials arranged into six three-trial sets. In each trial participants were presented with the stimulus for 1400ms followed by an inter-trial interval (ITI) of 450, 600 or 750ms. Participants could respond as soon as the stimulus appeared and until the end of the ITI. Each set of three trials contained one trial with an ITI of 450ms, one with an ITI of 600ms and one with an ITI of 750ms such that total duration of each set of three trials was 6000ms. This variable duration of ITI was implemented in order to limit participants ability to pace. Order of trial ITI within a triplet was randomly sampled. Stimuli were sampled such that an individual stimulus was presented with the same ITI across subjects but not necessarily in the same order.",
    "TaskName": "Feature Target, 1 and 9 shapes, Feature Selection",
    "acq_id": "a",
    "dataset": "ds003500",
    "modality": "bold",
    "subject_id": "254",
    "task_id": "Feat19Sel"
  },
  "dummy_trs": 0,
  "dvars_nstd": 17.685813626838716,
  "dvars_std": 1.203868551483871,
  "dvars_vstd": 0.9981669880645161,
  "efc": 0.5041179819987057,
  "fber": 6734.3818359375,
  "fd_mean": 0.11036397509386753,
  "fd_num": 15,
  "fd_perc": 9.615384615384615,
  "fwhm_avg": 2.298412787878788,
  "fwhm_x": 2.215805090909091,
  "fwhm_y": 2.547063272727273,
  "fwhm_z": 2.13237,
  "gcor": 0.0307289,
  "gsr_x": 0.007429073564708233,
  "gsr_y": 0.005224640481173992,
  "provenance": {
    "md5sum": "70d4f14068fd1aedb2b6d0089cde52ad",
    "settings": {
      "fd_thres": 0.2,
      "testing": false
    },
    "software": "mriqc",
    "version": "22.0.1",
    "webapi_port": null,
    "webapi_url": "https://mriqc.nimh.nih.gov/api/v1"
  },
  "size_t": 156,
  "size_x": 64,
  "size_y": 64,
  "size_z": 32,
  "snr": 10.27485442920311,
  "spacing_tr": 3.0,
  "spacing_x": 3.4375,
  "spacing_y": 3.4375,
  "spacing_z": 4.0,
  "summary_bg_k": 45.842692120259294,
  "summary_bg_mad": 17.62015789665793,
  "summary_bg_mean": 52.65956497192383,
  "summary_bg_median": 21.615385055541992,
  "summary_bg_n": 77641.0,
  "summary_bg_p05": 3.1089744567871094,
  "summary_bg_p95": 174.11538696289062,
  "summary_bg_stdv": 89.21843719482422,
  "summary_fg_k": 2.1130108028531387,
  "summary_fg_mad": 142.59585609924326,
  "summary_fg_mean": 1640.68310546875,
  "summary_fg_median": 1655.0640869140625,
  "summary_fg_n": 24955.0,
  "summary_fg_p05": 1342.8699096679688,
  "summary_fg_p95": 1866.2929565429688,
  "summary_fg_stdv": 161.0758514404297,
  "tsnr": 101.34055609465577
}