{
  "aor": 0.002310774193548387,
  "aqi": 0.007936177032258063,
  "bids_meta": {
    "AcquisitionMatrixPE": 64,
    "EchoTime": 0.04,
    "FlipAngle": 90,
    "Instructions": "Go: Press index finger for all shapes. Stop: If a yellow shape is present, do not press anything. If no yellow shape is present, press index finger.",
    "MagneticFieldStrength": 1.5,
    "Manufacturer": "GE",
    "ManufacturersModelName": "Signa",
    "NumberOfSlices": 32,
    "NumberOfVolumesDiscardedByUser": 6,
    "PercentPhaseFOV": 100,
    "PhaseEncodingAxis": "j",
    "PulseSequenceType": "single-shot EPI",
    "ReconMatrixPE": 64,
    "RepetitionTime": 3,
    "ScanningSequence": "EP_G",
    "SequenceVariant": "SS",
    "SliceThickness": 4,
    "SliceTiming": [
      0,
      1.5484,
      0.0968,
      1.6452,
      0.1935,
      1.7419,
      0.2903,
      1.8387,
      0.3871,
      1.9355,
      0.4839,
      2.0323,
      0.5806,
      2.129,
      0.6774,
      2.2258,
      0.7742,
      2.3226,
      0.871,
      2.4194,
      0.9677,
      2.5161,
      1.0645,
      2.6129,
      1.1613,
      2.7097,
      1.2581,
      2.8065,
      1.3548,
      2.9032,
      1.4516,
      3
    ],
    "SoftwareVersions": "11",
    "TaskDescription": "Participants were presented 12, 18-trial, blocks of a response inhibition task. Half of the blocks were designated as go blocks and half were no-go blocks. Block type alternated, beginning with a go block.  During go blocks, participants were instructed to respond as quickly as possible by pressing a button below their index finger for all shapes and during no-go (stop) blocks were instructed to inhibit response if a yellow shape was present. At the beginning of each block the participant was reminded of the type of block with warning text reading ‘Go’ or ‘Stop’ that lasted 2300 ms followed by 300ms of blank screen. While intended block type alternated and began with a go-block, occasionally participants performed the task according to the instructions of the opposing block type, these were identified and recoded as the performed block type in the events.tsv files and noted in the comments for these blocks.  In all trials, participants were presented with a single shape that was either a target (yellow trapezoid or yellow triangle) or a distractor (blue triangle or red trapezoid). Trials were balanced to contain equal amounts of each distractor and target type. All stimuli used in this dataset are provided in the stimuli director at the root level of the dataset. Trials were pseudo-randomized to ensure that the same shape was not presented in more than three consecutive trials. Each block contained 18 trials arranged into six three-trial sets. In each trial participants were presented with the stimulus for 1400ms followed by an inter-trial interval (ITI) of 450, 600 or 750ms. Participants could respond as soon as the stimulus appeared and until the end of the ITI. Each set of three trials contained one trial with an ITI of 450ms, one with an ITI of 600ms and one with an ITI of 750ms such that total duration of each set of three trials was 6000ms. This variable duration of ITI was implemented in order to limit participants ability to pace. Order of trial ITI within a triplet was randomly sampled. Stimuli were sampled such that an individual stimulus was presented with the same ITI across subjects but not necessarily in the same order.",
    "TaskName": "Feature Target, 1 shape, Response Inhibition",
    "acq_id": "a",
    "dataset": "ds003500",
    "modality": "bold",
    "subject_id": "254",
    "task_id": "Feat1Inh"
  },
  "dummy_trs": 1,
  "dvars_nstd": 18.6365186577922,
  "dvars_std": 1.2537662449999998,
  "dvars_vstd": 1.0308471582467527,
  "efc": 0.5010647387119653,
  "fber": 6878.3955078125,
  "fd_mean": 0.1463839966972448,
  "fd_num": 35,
  "fd_perc": 22.580645161290324,
  "fwhm_avg": 2.274623015151515,
  "fwhm_x": 2.176256,
  "fwhm_y": 2.5322705454545456,
  "fwhm_z": 2.1153425,
  "gcor": 0.122958,
  "gsr_x": 0.005598579533398151,
  "gsr_y": 0.005326877348124981,
  "provenance": {
    "md5sum": "57290ddc04c504e515c0751b3abbb998",
    "settings": {
      "fd_thres": 0.2,
      "testing": false
    },
    "software": "mriqc",
    "version": "22.0.1",
    "webapi_port": null,
    "webapi_url": "https://mriqc.nimh.nih.gov/api/v1"
  },
  "size_t": 155,
  "size_x": 64,
  "size_y": 64,
  "size_z": 32,
  "snr": 10.349432479347279,
  "spacing_tr": 3.0,
  "spacing_x": 3.4375,
  "spacing_y": 3.4375,
  "spacing_z": 4.0,
  "summary_bg_k": 46.90725870596519,
  "summary_bg_mad": 17.45644438130558,
  "summary_bg_mean": 51.347496032714844,
  "summary_bg_median": 21.45161247253418,
  "summary_bg_n": 77890.0,
  "summary_bg_p05": 3.0774192810058594,
  "summary_bg_p95": 168.47160797119145,
  "summary_bg_stdv": 86.40776824951172,
  "summary_fg_k": 2.877982367350982,
  "summary_fg_mad": 140.19676247027473,
  "summary_fg_mean": 1651.4310302734375,
  "summary_fg_median": 1667.167724609375,
  "summary_fg_n": 24702.0,
  "summary_fg_p05": 1350.16416015625,
  "summary_fg_p95": 1874.428381347656,
  "summary_fg_stdv": 161.08457946777344,
  "tsnr": 92.40213954262435
}